GEM
  remote: http://rubygems.org/
  specs:
    coderay (0.9.4)
    curb (0.7.8)

PLATFORMS
  ruby

DEPENDENCIES
  coderay (= 0.9.4)
  curb
