GEM
  remote: http://rubygems.org/
  specs:
    coderay (0.9.4)
    curb (0.7.8)
    json_pure (1.4.6)
    rack (1.0.1)
    rspec (1.3.0)
    rspec-rails (1.3.2)
      rack (>= 1.0.0)
      rspec (>= 1.3.0)
    sqlite3-ruby (1.2.5)

PLATFORMS
  ruby

DEPENDENCIES
  coderay (= 0.9.4)
  curb
  json_pure
  rack
  rspec
  rspec-rails
  sqlite3-ruby
